GEM
  remote: http://mijao/repogems/
  specs:
    actionmailer (2.3.5)
      actionpack (= 2.3.5)
    actionpack (2.3.5)
      activesupport (= 2.3.5)
      rack (~> 1.0.0)
    activerecord (2.3.5)
      activesupport (= 2.3.5)
    activerecord-sqlserver-adapter (2.3.12)
      activerecord (~> 2.2)
    activeresource (2.3.5)
      activesupport (= 2.3.5)
    activesupport (2.3.5)
    bcrypt-ruby (2.1.4)
    cancan (1.3.4)
    capistrano (2.6.0)
      highline
      net-scp (>= 1.0.0)
      net-sftp (>= 2.0.0)
      net-ssh (>= 2.0.14)
      net-ssh-gateway (>= 1.1.0)
    columnize (0.3.1)
    composite_primary_keys (2.3.5.1)
      activerecord (>= 2.3.5)
    dbd-odbc (0.2.5)
      dbi (>= 0.4.0)
    dbi (0.4.5)
      deprecated (= 2.0.1)
    deprecated (2.0.1)
    devise (1.0.11)
      warden (~> 0.10.3)
    devise_ldap_authenticatable (0.1.6)
      devise (> 1.0.4)
      net-ldap (>= 0.0.0)
    highline (1.6.2)
    httpclient (2.1.1)
    jasperserver-client (1.0.0)
    linecache (0.43)
    net-ldap (0.1.1)
    net-scp (1.0.4)
      net-ssh (>= 1.99.1)
    net-sftp (2.0.5)
      net-ssh (>= 2.0.9)
    net-ssh (2.1.4)
    net-ssh-gateway (1.1.0)
      net-ssh (>= 1.99.1)
    orm_adapter (0.0.5)
    pg (0.9.0)
    rack (1.0.1)
    rails (2.3.5)
      actionmailer (= 2.3.5)
      actionpack (= 2.3.5)
      activerecord (= 2.3.5)
      activeresource (= 2.3.5)
      activesupport (= 2.3.5)
      rake (>= 0.8.3)
    rake (0.8.7)
    ruby-debug (0.10.3)
      columnize (>= 0.1)
      ruby-debug-base (~> 0.10.3.0)
    ruby-debug-base (0.10.3)
      linecache (>= 0.3)
    rubyforge (1.0.0)
    userstamp (2.0.1)
    warden (0.10.3)
      rack (>= 1.0.0)
    will_paginate (2.3.15)
    xml-simple (1.0.15)

PLATFORMS
  ruby

DEPENDENCIES
  actionmailer (~> 2.3.5)
  actionpack (~> 2.3.5)
  activerecord (~> 2.3.5)
  activerecord-sqlserver-adapter (~> 2.3.5)
  activeresource (~> 2.3.5)
  activesupport (~> 2.3.5)
  bcrypt-ruby (~> 2.1.4)
  cancan (~> 1.3.4)
  capistrano (~> 2.6.0)
  columnize (~> 0.3.1)
  composite_primary_keys (~> 2.3.5.1)
  dbd-odbc (~> 0.2.5)
  dbi (~> 0.4.5)
  deprecated (~> 2.0.1)
  devise (~> 1.0.11)
  devise_ldap_authenticatable (~> 0.1.6)
  highline (~> 1.6.2)
  httpclient (~> 2.1.1)
  jasperserver-client (~> 1.0.0)
  linecache (~> 0.43)
  net-ldap (~> 0.1.1)
  net-scp (~> 1.0.4)
  net-sftp (~> 2.0.5)
  net-ssh (~> 2.1.4)
  net-ssh-gateway (~> 1.1.0)
  orm_adapter (~> 0.0.5)
  pg (~> 0.9.0)
  rack (~> 1.0.1)
  rails (~> 2.3.5)
  rake (~> 0.8.7)
  ruby-debug (~> 0.10.3)
  ruby-debug-base (~> 0.10.3)
  rubyforge (~> 1.0.0)
  userstamp (~> 2.0.1)
  warden (~> 0.10.3)
  will_paginate (~> 2.3.15)
  xml-simple (~> 1.0.15)
